GEM
  remote: http://rubygems.org/
  specs:
    faraday (0.8.5)
      multipart-post (~> 1.1)
    multi_json (1.6.1)
    multipart-post (1.1.5)
    mysql (2.9.1)
    simple_oauth (0.2.0)
    twitter (4.5.0)
      faraday (~> 0.8, < 0.10)
      multi_json (~> 1.0)
      simple_oauth (~> 0.2)

PLATFORMS
  ruby

DEPENDENCIES
  mysql
  twitter
